GEM
  remote: http://rubygems.org/
  remote: http://rubygems.org/
  specs:
    backports (2.0.2)
    haml (3.0.25)
    monkey-lib (0.5.4)
      backports
    nokogiri (1.5.0)
    rack (1.2.2)
    rdiscount (1.6.8)
    sass (3.1.0.alpha.249)
    sinatra (1.2.1)
      rack (~> 1.1)
      tilt (>= 1.2.2, < 2.0)
    sinatra-advanced-routes (0.5.1)
      monkey-lib (~> 0.5.0)
      sinatra (~> 1.0)
      sinatra-sugar (~> 0.5.0)
    sinatra-content-for (0.2)
      sinatra
    sinatra-reloader (0.5.0)
      sinatra (~> 1.0)
      sinatra-advanced-routes (~> 0.5.0)
    sinatra-sugar (0.5.0)
      monkey-lib (~> 0.5.0)
      sinatra (~> 1.0)
    tilt (1.2.2)

PLATFORMS
  ruby

DEPENDENCIES
  haml
  nokogiri
  rdiscount
  sass
  sinatra
  sinatra-content-for
  sinatra-reloader
